GEM
  remote: https://rubygems.org/
  specs:
    rake (10.4.2)
    redcarpet (3.2.3)

PLATFORMS
  ruby

DEPENDENCIES
  rake
  redcarpet
